GEM
  remote: https://rubygems.org/
  specs:
    hiera-eyaml (4.2.0)
      highline (>= 2.1, < 4)
      optimist (~> 3.1)
    highline (3.1.2)
      reline
    io-console (0.8.0)
    molinillo (0.8.0)
    optimist (3.2.1)
    puppet-editor-services (2.0.4)
      hiera-eyaml
      molinillo
      puppet-lint
      puppet-strings
      puppetfile-resolver
      yard
    puppet-lint (4.3.0)
    puppet-strings (4.1.2)
      rgen (~> 0.9)
      yard (~> 0.9)
    puppetfile-resolver (0.6.3)
      molinillo (~> 0.6)
      semantic_puppet (~> 1.0)
    reline (0.6.0)
      io-console (~> 0.5)
    rgen (0.10.2)
    semantic_puppet (1.1.1)
    yard (0.9.37)

PLATFORMS
  ruby
  x86_64-linux

DEPENDENCIES
  puppet-editor-services

BUNDLED WITH
   2.5.22
